GEM
  remote: https://rubygems.org/
  specs:
    rake (12.3.0)
    webrick (1.4.2)

PLATFORMS
  ruby

DEPENDENCIES
  rake
  webrick

BUNDLED WITH
   1.16.1
